{
	"TaskName": "p300",
	"Manufacturer": "g.tec",
	"PowerLineFrequency": 60.0,
	"SamplingFrequency": 256.0,
	"SoftwareFilters": "n/a",
	"RecordingDuration": 110.37109375,
	"RecordingType": "continuous",
	"EEGReference": "n/a",
	"EEGGround": "n/a",
	"EEGPlacementScheme": "10-20 system",
	"EEGChannelCount": 16,
	"EOGChannelCount": 0,
	"ECGChannelCount": 0,
	"EMGChannelCount": 0,
	"TriggerChannelCount": 0,
	"ManufacturersModelName": "g.USBamp (g.tec)",
	"SoftwareVersions": "n/a",
	"HardwareFilters": "n/a",
	"Instructions": "n/a",
	"CogAtlasID": "https://www.cognitiveatlas.org/task/id/tsk_GxjZBNiJorj1K/",
	"InstitutionName": "Duke University; East Tennessee State University",
	"InstitutionAddress": "US",
	"InstitutionalDepartmentName": "n/a",
	"CapManufacturer": "n/a",
	"CapManufacturersModelName": "n/a",
	"SubjectArtefactDescription": "n/a",
	"DeviceSerialNumber": "n/a",
	"Description": "BigP3BCI: the largest public P300 BCI dataset, containing EEG recordings from ~267 subjects across 20 studies using 6x6 or 9x8 character grids with various stimulus paradigms.",
	"MISCChannelCount": 0
}